##TITLE= Parameter file, TOPSPIN		Version 2.1
##JCAMPDX= 5.0
##DATATYPE= Parameter Values
##NPOINTS= 2	$$ modification sequence number
##ORIGIN= Bruker BioSpin GmbH
##OWNER= lenovo
$$ 2020-04-28 14:23:15.618 +0800  lenovo@LAPTOP-651OJ0PU
$$ D:/ethanol/Danhao/Danhao/data/AllEthanol/nmr/330/1/pdata/1/procs
$$ process D:\topspin\bruker\prog\mod\proc1d.exe
##$ABSF1= 0
##$ABSF2= 0
##$ABSG= 0
##$ABSL= 0
##$ALPHA= 0
##$AQORDER= 0
##$ASSFAC= 0
##$ASSFACI= 0
##$ASSFACX= 0
##$ASSWID= 0
##$AUNMP= <proc_2dinv>
##$AXLEFT= 0
##$AXNAME= <>
##$AXNUC= <1H>
##$AXRIGHT= 0
##$AXTYPE= 0
##$AXUNIT= <>
##$AZFE= 0.1
##$AZFW= 0.5
##$BCFW= 0
##$BC_mod= 4
##$BYTORDP= 0
##$COROFFS= 0
##$CY= -3
##$DATMOD= 1
##$DC= 0
##$DFILT= <>
##$DTYPP= 0
##$F1P= 0
##$F2P= 0
##$FCOR= 0.5
##$FTSIZE= 32768
##$FT_mod= 6
##$GAMMA= 0
##$GB= 0
##$INTBC= 1
##$INTSCL= 1
##$ISEN= 128
##$LB= 1
##$LEV0= 35
##$LPBIN= 0
##$MAXI= 10000
##$MC2= 0
##$MEAN= 0
##$ME_mod= 0
##$MI= 0.1
##$NCOEF= 0
##$NC_proc= -8
##$NLEV= 6
##$NOISF1= 0
##$NOISF2= 0
##$NSP= 0
##$NTH_PI= 0
##$NZP= 0
##$OFFSET= 12.71152
##$PC= 1.4
##$PHC0= 194.9798
##$PHC1= 32.18814
##$PH_mod= 1
##$PKNL= yes
##$PPARMOD= 0
##$PPDIAG= 0
##$PPIPTYP= 0
##$PPMPNUM= 2147483647
##$PPRESOL= 1
##$PSCAL= 0
##$PSIGN= 0
##$PYNMP= <proc.py>
##$REVERSE= no
##$SF= 500.13
##$SI= 32768
##$SIGF1= 0
##$SIGF2= 0
##$SINO= 0
##$SIOLD= 32768
##$SPECTYP= <UNDEFINED>
##$SREGLST= <1H.D2O>
##$SSB= 0
##$STSI= 32768
##$STSR= 0
##$SW_p= 8012.82051282052
##$SYMM= 0
##$S_DEV= 0
##$TDeff= 16384
##$TDoff= 0
##$TI= <1103

>
##$TILT= no
##$TM1= 0
##$TM2= 0
##$TOPLEV= 100
##$USERP1= <>
##$USERP2= <>
##$USERP3= <>
##$USERP4= <>
##$USERP5= <>
##$WDW= 1
##$XDIM= 0
##$YMAX_p= 280141823
##$YMIN_p= -18308998
##END=
