##TITLE= Parameter file, TOPSPIN		Version 2.0.a
##JCAMPDX= 5.0
##DATATYPE= Parameter Values
##NPOINTS= 23	$$ modification sequence number
##ORIGIN= Bruker BioSpin GmbH
##OWNER= haofuhua
$$ 2010-03-17 16:15:28.962 +0800  leihh@LEIHH
$$ D:/data/Rat/nmr/Urine0/11/pdata/1/procs
$$ process C:\Bruker\Aurelia-Amix\viewer.exe
##$ABSF1= 0
##$ABSF2= 0
##$ABSG= 0
##$ABSL= 0
##$ALPHA= 0
##$AQORDER= 0
##$ASSFAC= 0
##$ASSFACI= 0
##$ASSFACX= 0
##$ASSWID= 0
##$AUNMP= <proc_prof1d>
##$AXLEFT= 0
##$AXNAME= <>
##$AXNUC= <1H>
##$AXRIGHT= 0
##$AXTYPE= 0
##$AXUNIT= <>
##$AZFE= 0.1
##$AZFW= 0.1
##$BCFW= 0
##$BC_mod= 0
##$BYTORDP= 0
##$COROFFS= 0
##$CY= 100
##$DATMOD= 1
##$DC= 0
##$DFILT= <>
##$DTYPP= 0
##$F1P= 0.028915829863946
##$F2P= -0.0234254824214246
##$FCOR= 0.5
##$FTSIZE= 65536
##$FT_mod= 6
##$GAMMA= 0
##$GB= 0
##$INTBC= 1
##$INTSCL= 1
##$ISEN= 128
##$LB= 1
##$LEV0= 0
##$LPBIN= 0
##$MAXI= 10000
##$MC2= 0
##$MEAN= 0
##$ME_mod= 0
##$MI= 50
##$NCOEF= 0
##$NC_proc= -7
##$NLEV= 6
##$NOISF1= 7.934625
##$NOISF2= 7.601621
##$NSP= 0
##$NTH_PI= 0
##$NZP= 0
##$OFFSET= 14.85034
##$PC= 4
##$PHC0= 8.635254
##$PHC1= 0
##$PH_mod= 1
##$PKNL= yes
##$PPARMOD= 0
##$PPDIAG= 0
##$PPIPTYP= 0
##$PPMPNUM= 100
##$PPRESOL= 1
##$PSCAL= 1
##$PSIGN= 0
##$REVERSE= no
##$SF= 600.129914148363
##$SI= 65536
##$SIGF1= 9
##$SIGF2= 5
##$SINO= 400
##$SIOLD= 65536
##$SREGLST= <1H.CDCl3>
##$SSB= 0
##$STSI= 65536
##$STSR= 0
##$SW_p= 12019.2307692308
##$SYMM= 0
##$S_DEV= 0
##$TDeff= 32768
##$TDoff= 0
##$TI= <D7H11

>
##$TILT= no
##$TM1= 0
##$TM2= 0
##$TOPLEV= 0
##$USERP1= <>
##$USERP2= <>
##$USERP3= <>
##$USERP4= <>
##$USERP5= <>
##$WDW= 1
##$XDIM= 8192
##$YMAX_p= 345985891
##$YMIN_p= -20118420
##END=
